GEM
  remote: https://rubygems.org/
  specs:
    cinch (2.0.4)
    foreman (0.62.0)
      thor (>= 0.13.6)
    haml (4.0.2)
      tilt
    rack (1.5.2)
    rack-protection (1.5.0)
      rack
    rake (10.0.4)
    sequel (3.46.0)
    sinatra (1.4.2)
      rack (~> 1.5, >= 1.5.2)
      rack-protection (~> 1.4)
      tilt (~> 1.3, >= 1.3.4)
    sinatra-partial (0.4.0)
      sinatra
    sqlite3 (1.3.7)
    thor (0.18.1)
    tilt (1.3.6)

PLATFORMS
  ruby

DEPENDENCIES
  cinch
  foreman
  haml
  rake
  sequel
  sinatra
  sinatra-partial
  sqlite3
