GEM
  remote: https://rubygems.org/
  specs:
    cinch (2.0.2)
    foreman (0.46.0)
      thor (>= 0.13.6)
    haml (3.1.6)
    rack (1.4.1)
    rack-protection (1.2.0)
      rack
    rake (0.9.2.2)
    sequel (3.35.0)
    sinatra (1.3.2)
      rack (~> 1.3, >= 1.3.6)
      rack-protection (~> 1.2)
      tilt (~> 1.3, >= 1.3.3)
    sinatra-partial (0.3.0)
      sinatra
    sqlite3 (1.3.6)
    thor (0.15.2)
    tilt (1.3.3)

PLATFORMS
  ruby

DEPENDENCIES
  cinch
  foreman
  haml
  rake
  sequel
  sinatra
  sinatra-partial
  sqlite3
