GEM
  remote: https://rubygems.org/
  specs:
    cinch (2.3.3)
    foreman (0.84.0)
      thor (~> 0.19.1)
    haml (4.0.7)
      tilt
    kgio (2.11.0)
    rack (1.6.5)
    rack-protection (1.5.3)
      rack
    raindrops (0.18.0)
    rake (12.3.3)
    sequel (4.45.0)
    sinatra (1.4.8)
      rack (~> 1.5)
      rack-protection (~> 1.4)
      tilt (>= 1.3, < 3)
    sinatra-partial (1.0.0)
      sinatra (~> 1.4)
    sqlite3 (1.3.13)
    thor (0.19.4)
    tilt (2.0.7)
    unicorn (5.3.0)
      kgio (~> 2.6)
      raindrops (~> 0.7)

PLATFORMS
  ruby

DEPENDENCIES
  cinch
  foreman
  haml
  rake
  sequel
  sinatra
  sinatra-partial
  sqlite3
  unicorn

BUNDLED WITH
   1.14.6
