GEM
  remote: https://rubygems.org/
  specs:
    cinch (2.0.3)
    foreman (0.61.0)
      thor (>= 0.13.6)
    haml (3.1.7)
    rack (1.4.4)
    rack-protection (1.3.2)
      rack
    rake (10.0.3)
    sequel (3.43.0)
    sinatra (1.3.3)
      rack (~> 1.3, >= 1.3.6)
      rack-protection (~> 1.2)
      tilt (~> 1.3, >= 1.3.3)
    sinatra-partial (0.4.0)
      sinatra
    sqlite3 (1.3.7)
    thor (0.16.0)
    tilt (1.3.3)

PLATFORMS
  ruby

DEPENDENCIES
  cinch
  foreman
  haml
  rake
  sequel
  sinatra
  sinatra-partial
  sqlite3
