GEM
  remote: https://rubygems.org/
  specs:
    cinch (2.0.4)
    foreman (0.62.0)
      thor (>= 0.13.6)
    haml (4.0.0)
      tilt
    rack (1.5.2)
    rack-protection (1.4.0)
      rack
    rake (10.0.3)
    sequel (3.45.0)
    sinatra (1.3.5)
      rack (~> 1.4)
      rack-protection (~> 1.3)
      tilt (~> 1.3, >= 1.3.3)
    sinatra-partial (0.4.0)
      sinatra
    sqlite3 (1.3.7)
    thor (0.17.0)
    tilt (1.3.4)

PLATFORMS
  ruby

DEPENDENCIES
  cinch
  foreman
  haml
  rake
  sequel
  sinatra
  sinatra-partial
  sqlite3
