GEM
  remote: https://rubygems.org/
  specs:
    cinch (2.2.2)
    dotenv (1.0.2)
    foreman (0.77.0)
      dotenv (~> 1.0.2)
      thor (~> 0.19.1)
    haml (4.0.6)
      tilt
    kgio (2.9.2)
    rack (1.6.0)
    rack-protection (1.5.3)
      rack
    raindrops (0.13.0)
    rake (10.4.2)
    sequel (4.18.0)
    sinatra (1.4.5)
      rack (~> 1.4)
      rack-protection (~> 1.4)
      tilt (~> 1.3, >= 1.3.4)
    sinatra-partial (0.4.0)
      sinatra
    sqlite3 (1.3.10)
    thor (0.19.1)
    tilt (1.4.1)
    unicorn (4.8.3)
      kgio (~> 2.6)
      rack
      raindrops (~> 0.7)

PLATFORMS
  ruby

DEPENDENCIES
  cinch
  foreman
  haml
  rake
  sequel
  sinatra
  sinatra-partial
  sqlite3
  unicorn
